GEM
  remote: https://rubygems.org/
  specs:
    cbor (0.5.9.6)
    multi_json (1.15.0)
    mustermann (1.1.1)
      ruby2_keywords (~> 0.0.1)
    power_assert (1.2.0)
    rack (2.2.3)
    rack-protection (2.1.0)
      rack
    ruby2_keywords (0.0.2)
    sinatra (2.1.0)
      mustermann (~> 1.0)
      rack (~> 2.2)
      rack-protection (= 2.1.0)
      tilt (~> 2.0)
    sinatra-contrib (2.1.0)
      multi_json
      mustermann (~> 1.0)
      rack-protection (= 2.1.0)
      sinatra (= 2.1.0)
      tilt (~> 2.0)
    test-unit (3.3.7)
      power_assert
    tilt (2.0.10)

PLATFORMS
  ruby

DEPENDENCIES
  cbor
  sinatra
  sinatra-contrib
  test-unit

BUNDLED WITH
   1.17.2
